GEM
  remote: http://rubygems.org/
  specs:
    activesupport (3.1.0)
      multi_json (~> 1.0)
    blather (0.5.7)
      activesupport (>= 3.0.7)
      eventmachine (~> 0.12.6)
      niceogiri (>= 0.0.4)
      nokogiri (~> 1.4.0)
    eventmachine (0.12.10)
    foreman (0.22.0)
      term-ansicolor (~> 1.0.5)
      thor (>= 0.13.6)
    multi_json (1.0.3)
    niceogiri (0.0.4)
      nokogiri (>= 1.4.0)
    nokogiri (1.4.7)
    term-ansicolor (1.0.6)
    thor (0.14.6)
    xmpp4r (0.5)

PLATFORMS
  ruby

DEPENDENCIES
  blather
  foreman
  xmpp4r
